GEM
  remote: https://rubygems.org/
  specs:
    bubble-wrap (1.3.0.osx)
    rake (10.0.4)
    rubymotion_generators (0.1.0)
      thor (~> 0.15)
    thor (0.18.1)

PLATFORMS
  ruby

DEPENDENCIES
  bubble-wrap (~> 1.3.0.osx)
  rake
  rubymotion_generators
